PATH
  remote: .
  specs:
    arolitec_sms (0.1.2)

GEM
  remote: https://rubygems.org/
  specs:
    faraday (0.15.4)
      multipart-post (>= 1.2, < 3)
    multipart-post (2.1.1)
    rake (13.0.1)

PLATFORMS
  ruby

DEPENDENCIES
  arolitec_sms!
  bundler (~> 2.0)
  faraday (~> 0.15.4)
  rake (~> 13.0)

BUNDLED WITH
   2.1.2
